GEM
  remote: https://rubygems.org/
  specs:
    coderay (1.1.2)
    colorize (0.8.1)
    date (2.0.0)
    method_source (0.9.2)
    mini_portile2 (2.8.0)
    nokogiri (1.13.5)
      mini_portile2 (~> 2.8.0)
      racc (~> 1.4)
    pry (0.12.2)
      coderay (~> 1.1.0)
      method_source (~> 0.9.0)
    psych (3.1.0)
    racc (1.6.0)

PLATFORMS
  ruby

DEPENDENCIES
  colorize
  date
  nokogiri (>= 1.10.8)
  pry
  psych

BUNDLED WITH
   2.0.1
